GEM
  remote: https://rubygems.org/
  specs:
    diff-lcs (1.1.3)
    fron (0.1.1)
      opal (~> 0.6.2)
    hike (1.2.3)
    json (1.8.1)
    multi_json (1.10.1)
    opal (0.6.2)
      source_map
      sprockets
    opal-rspec (0.3.0.beta3)
      opal (>= 0.6.0, < 1.0.0)
    rack (1.5.2)
    rspec (2.11.0)
      rspec-core (~> 2.11.0)
      rspec-expectations (~> 2.11.0)
      rspec-mocks (~> 2.11.0)
    rspec-core (2.11.1)
    rspec-expectations (2.11.3)
      diff-lcs (~> 1.1.3)
    rspec-mocks (2.11.3)
    source_map (3.0.1)
      json
    sprockets (2.12.1)
      hike (~> 1.2)
      multi_json (~> 1.0)
      rack (~> 1.0)
      tilt (~> 1.1, != 1.3.0)
    tilt (1.4.1)

PLATFORMS
  ruby

DEPENDENCIES
  fron
  opal-rspec (~> 0.3.0.beta3)
  rspec (~> 2.11.0)
